GIT
  remote: git://github.com/kevinthompson/dino.git
  revision: 85533ba68dbcafb5d70574957a478f2e8fb477e3
  branch: kt/add_status_component
  specs:
    dino (0.10.0)
      serialport

GEM
  remote: http://rubygems.org/
  specs:
    serialport (1.1.0)

PLATFORMS
  ruby

DEPENDENCIES
  dino!
