PATH
  remote: ~/code/arduino/lib/dino
  specs:
    dino (0.9.1)
      serialport

GEM
  remote: http://rubygems.org/
  specs:
    httparty (0.9.0)
      multi_json (~> 1.0)
      multi_xml
    multi_json (1.5.0)
    multi_xml (0.5.1)
    serialport (1.1.0)

PLATFORMS
  ruby

DEPENDENCIES
  dino!
  httparty
