GIT
  remote: git://github.com/kevinthompson/dino.git
  revision: 3c9766d21cdaca570ac9d635559c6b3069b65511
  specs:
    dino (0.10.0)
      serialport

GEM
  remote: http://rubygems.org/
  specs:
    httparty (0.9.0)
      multi_json (~> 1.0)
      multi_xml
    multi_json (1.5.0)
    multi_xml (0.5.1)
    serialport (1.1.0)

PLATFORMS
  ruby

DEPENDENCIES
  dino!
  httparty
