PATH
  remote: ~/code/arduino/lib/dino
  specs:
    dino (0.9.1)
      serialport

GEM
  remote: http://rubygems.org/
  specs:
    serialport (1.1.0)

PLATFORMS
  ruby

DEPENDENCIES
  dino!
